GIT
  remote: https://github.com/Team254/cheesy-common.git
  revision: 3b67984fe653dba5ab79532dd69587de0a586928
  specs:
    cheesy-common (0.0.1)
      aescrypt (~> 1.0)
      httparty (~> 0.13)

GEM
  remote: https://rubygems.org/
  specs:
    aescrypt (1.0.0)
    daemons (1.2.3)
    eventmachine (1.0.9.1)
    httparty (0.13.7)
      json (~> 1.8)
      multi_xml (>= 0.5.2)
    json (1.8.3)
    multi_xml (0.5.5)
    mysql2 (0.4.2)
    pathological (0.3.0)
    rack (1.6.12)
    rack-protection (1.5.5)
      rack
    rake (10.5.0)
    sequel (4.31.0)
    sinatra (1.4.7)
      rack (~> 1.5)
      rack-protection (~> 1.4)
      tilt (>= 1.3, < 3)
    thin (1.6.4)
      daemons (~> 1.0, >= 1.0.9)
      eventmachine (~> 1.0, >= 1.0.4)
      rack (~> 1.0)
    tilt (2.0.2)

PLATFORMS
  ruby

DEPENDENCIES
  cheesy-common!
  daemons
  httparty
  mysql2
  pathological
  rake
  sequel
  sinatra
  thin

BUNDLED WITH
   1.11.2
